PATH
  remote: .
  specs:
    courier-service (0.1.0)
      jwt
      twirp

GEM
  remote: https://rubygems.org/
  specs:
    diff-lcs (1.3)
    faraday (0.15.2)
      multipart-post (>= 1.2, < 3)
    google-protobuf (3.6.0-universal-darwin)
    jwt (2.1.0)
    multipart-post (2.0.0)
    rack (2.0.5)
    rack-test (1.1.0)
      rack (>= 1.0, < 3)
    rake (10.5.0)
    rspec (3.7.0)
      rspec-core (~> 3.7.0)
      rspec-expectations (~> 3.7.0)
      rspec-mocks (~> 3.7.0)
    rspec-core (3.7.1)
      rspec-support (~> 3.7.0)
    rspec-expectations (3.7.0)
      diff-lcs (>= 1.2.0, < 2.0)
      rspec-support (~> 3.7.0)
    rspec-mocks (3.7.0)
      diff-lcs (>= 1.2.0, < 2.0)
      rspec-support (~> 3.7.0)
    rspec-support (3.7.1)
    twirp (1.0.0)
      faraday (~> 0)
      google-protobuf (~> 3.0, >= 3.0.0)

PLATFORMS
  ruby

DEPENDENCIES
  bundler (~> 1.16)
  courier-service!
  rack-test
  rake (~> 10.0)
  rspec (~> 3.0)

BUNDLED WITH
   1.16.1
